GEM
  remote: https://rubygems.org/
  specs:
    addressable (2.8.0)
      public_suffix (>= 2.0.2, < 5.0)
    launchy (2.3.0)
      addressable (~> 2.3)
    mini_portile2 (2.6.1)
    nokogiri (1.12.5)
      mini_portile2 (~> 2.6.1)
      racc (~> 1.4)
    public_suffix (4.0.7)
    racc (1.6.0)
    rack (1.6.13)
    rack-protection (1.5.5)
      rack
    sinatra (1.4.3)
      rack (~> 1.4)
      rack-protection (~> 1.4)
      tilt (~> 1.3, >= 1.3.4)
    tilt (1.4.1)
    yield (0.2.2)
      launchy (= 2.3.0)
      sinatra (= 1.4.3)

PLATFORMS
  ruby

DEPENDENCIES
  nokogiri
  yield

RUBY VERSION
   ruby 2.7.5p203

BUNDLED WITH
   2.1.4
